GEM
  remote: https://rubygems.org/
  remote: https://w2EZTrmCr68MpW2nKdsq@gem.fury.io/kleinjm/
  specs:
    ast (2.3.0)
    faraday (0.9.2)
      multipart-post (>= 1.2, < 3)
    jcop (0.2.0)
      rubocop (~> 0.52.0)
    multipart-post (2.0.0)
    parallel (1.12.1)
    parser (2.4.0.2)
      ast (~> 2.3)
    powerpack (0.1.1)
    rainbow (3.0.0)
    rubocop (0.52.0)
      parallel (~> 1.10)
      parser (>= 2.4.0.2, < 3.0)
      powerpack (~> 0.1)
      rainbow (>= 2.2.2, < 4.0)
      ruby-progressbar (~> 1.7)
      unicode-display_width (~> 1.0, >= 1.0.1)
    ruby-progressbar (1.9.0)
    unicode-display_width (1.3.0)
    wunderlist-api (1.1.2)
      faraday (~> 0.9.1)

PLATFORMS
  ruby

DEPENDENCIES
  jcop (= 0.2.0)
  wunderlist-api

RUBY VERSION
   ruby 2.4.1p111

BUNDLED WITH
   1.16.0
