GEM
  remote: https://rubygems.org/
  specs:
    faraday (0.9.2)
      multipart-post (>= 1.2, < 3)
    multipart-post (2.0.0)
    wunderlist-api (1.1.2)
      faraday (~> 0.9.1)

PLATFORMS
  ruby

DEPENDENCIES
  wunderlist-api

RUBY VERSION
   ruby 2.4.1p111

BUNDLED WITH
   1.16.0
